GEM
  remote: https://rubygems.org/
  specs:
    gosu (0.14.5-x64-mingw32)

PLATFORMS
  x64-mingw32

DEPENDENCIES
  gosu (~> 0.14)

BUNDLED WITH
   2.0.1
